GEM
  remote: https://rubygems.org/
  specs:
    minitest (5.11.3)
    rake (12.3.1)

PLATFORMS
  ruby

DEPENDENCIES
  minitest
  rake

RUBY VERSION
   ruby 2.5.1p57

BUNDLED WITH
   1.17.1
